GEM
  remote: https://rubygems.org/
  specs:
    sass (3.3.5)

PLATFORMS
  ruby

DEPENDENCIES
  sass
